GEM
  remote: https://rubygems.org/
  specs:
    fxruby (1.6.35)
      mini_portile2 (~> 2.1)
    mini_portile2 (2.1.0)
    subprocess (1.3.2)

PLATFORMS
  ruby

DEPENDENCIES
  fxruby
  subprocess

BUNDLED WITH
   1.11.2
