GEM
  remote: https://rubygems.org/
  specs:
    ffi (1.9.17)
    ffi-gphoto2 (0.7.1)
      ffi (~> 1.9.0)
    fxruby (1.6.35)
      mini_portile2 (~> 2.1)
    mini_portile2 (2.1.0)

PLATFORMS
  ruby

DEPENDENCIES
  ffi-gphoto2
  fxruby

BUNDLED WITH
   1.11.2
