GEM
  remote: https://rubygems.org/
  specs:
    subprocess (1.3.2)

PLATFORMS
  ruby

DEPENDENCIES
  subprocess

BUNDLED WITH
   1.14.3
